GEM
  remote: http://rubygems.org/
  specs:
    metaclass (0.0.4)
    minitest (5.11.3)
    mocha (1.8.0)
      metaclass (~> 0.0.1)
    rake (12.3.3)
    rdoc (6.1.1)

PLATFORMS
  ruby

DEPENDENCIES
  minitest
  mocha
  rake
  rdoc

BUNDLED WITH
   1.17.1
