GEM
  remote: http://rubygems.org/
  specs:
    metaclass (0.0.4)
    minitest (5.8.5)
    mocha (1.5.0)
      metaclass (~> 0.0.1)
    rake (12.3.1)
    rdoc (6.0.3)

PLATFORMS
  ruby

DEPENDENCIES
  minitest (~> 5.8.4)
  mocha (~> 1.5.0)
  rake
  rdoc

BUNDLED WITH
   1.16.1
